GIT
  remote: git://github.com/chendo/cora.git
  revision: 1edcfb9073d5eabe244b38cc5f0c41354489abaf
  specs:
    cora (0.0.4)
      geocoder

GIT
  remote: git://github.com/drewbaumann/SiriProxy.git
  revision: 42a65c97e3893047ec38f3b5d2fa0526f6bc07a5
  specs:
    siriproxy (0.3.0)
      CFPropertyList
      eventmachine
      uuidtools

GEM
  remote: http://rubygems.org/
  specs:
    CFPropertyList (2.0.17)
      libxml-ruby (>= 1.1.0)
      rake (>= 0.7.0)
    eventmachine (0.12.10)
    geocoder (1.1.0)
    libxml-ruby (2.2.2)
    rake (0.9.2.2)
    uuidtools (2.1.2)

PLATFORMS
  ruby

DEPENDENCIES
  cora!
  siriproxy!
